GIT
  remote: git://github.com/macobo/chat-adapter.git
  revision: 9ee016091ac4af8179d93c8d5bdac053a02c14cd
  specs:
    chat-adapter (0.0.1)
      cinch
      colorize
      logging
      redcarpet
      rest-client
      sinatra
      thin
      xmpp4r

GEM
  remote: https://rubygems.org/
  specs:
    cinch (2.3.3)
    colorize (0.8.1)
    daemons (1.2.4)
    domain_name (0.5.20170404)
      unf (>= 0.0.5, < 1.0.0)
    eventmachine (1.2.3)
    http-cookie (1.0.3)
      domain_name (~> 0.5)
    little-plugger (1.1.4)
    logging (2.2.2)
      little-plugger (~> 1.1)
      multi_json (~> 1.10)
    mime-types (3.1)
      mime-types-data (~> 3.2015)
    mime-types-data (3.2016.0521)
    multi_json (1.12.1)
    mustermann (1.0.0)
    netrc (0.11.0)
    rack (2.0.3)
    rack-protection (2.0.0)
      rack
    redcarpet (3.4.0)
    rest-client (2.0.2)
      http-cookie (>= 1.0.2, < 2.0)
      mime-types (>= 1.16, < 4.0)
      netrc (~> 0.8)
    sinatra (2.0.0)
      mustermann (~> 1.0)
      rack (~> 2.0)
      rack-protection (= 2.0.0)
      tilt (~> 2.0)
    thin (1.7.0)
      daemons (~> 1.0, >= 1.0.9)
      eventmachine (~> 1.0, >= 1.0.4)
      rack (>= 1, < 3)
    tilt (2.0.7)
    unf (0.1.4)
      unf_ext
    unf_ext (0.0.7.4)
    xmpp4r (0.5.6)

PLATFORMS
  ruby

DEPENDENCIES
  chat-adapter!

BUNDLED WITH
   1.15.0
